GEM
  remote: https://rubygems.org/
  specs:
    activesupport (4.2.9)
      i18n (~> 0.7)
      minitest (~> 5.1)
      thread_safe (~> 0.3, >= 0.3.4)
      tzinfo (~> 1.1)
    addressable (2.5.1)
      public_suffix (~> 2.0, >= 2.0.2)
    builder (3.2.3)
    concurrent-ruby (1.0.5)
    cookiejar (0.3.3)
    curb (0.9.3)
    domain_name (0.5.20170404)
      unf (>= 0.0.5, < 1.0.0)
    em-http-request (1.1.5)
      addressable (>= 2.3.4)
      cookiejar (!= 0.3.1)
      em-socksify (>= 0.3)
      eventmachine (>= 1.0.3)
      http_parser.rb (>= 0.6.0)
    em-socksify (0.3.1)
      eventmachine (>= 1.0.0.beta.4)
    ethon (0.10.1)
      ffi (>= 1.3.0)
    eventmachine (1.2.5)
    excon (0.58.0)
    faraday (0.13.0)
      multipart-post (>= 1.2, < 3)
    ffi (1.9.18)
    http-cookie (1.0.3)
      domain_name (~> 0.5)
    http_parser.rb (0.6.0)
    httparty (0.15.6)
      multi_xml (>= 0.5.2)
    httpclient (2.8.3)
    httpi (2.4.2)
      rack
      socksify
    i18n (0.8.6)
    json (2.1.0)
    mime-types (3.1)
      mime-types-data (~> 3.2015)
    mime-types-data (3.2016.0521)
    minitest (5.10.3)
    multi_json (1.12.1)
    multi_xml (0.6.0)
    multipart-post (2.0.0)
    mustermann (1.0.0)
    nestful (1.1.1)
    netrc (0.11.0)
    patron (0.9.1)
    public_suffix (2.0.5)
    puma (3.9.1)
    rack (2.0.3)
    rack-protection (2.0.0)
      rack
    rest-client (2.0.2)
      http-cookie (>= 1.0.2, < 2.0)
      mime-types (>= 1.16, < 4.0)
      netrc (~> 0.8)
    sinatra (2.0.0)
      mustermann (~> 1.0)
      rack (~> 2.0)
      rack-protection (= 2.0.0)
      tilt (~> 2.0)
    socksify (1.7.1)
    thread_safe (0.3.6)
    tilt (2.0.8)
    tzinfo (1.2.3)
      thread_safe (~> 0.1)
    unf (0.1.4)
      unf_ext
    unf_ext (0.0.7.4)
    wrest (2.2.0)
      activesupport (~> 4)
      builder (> 2.0)
      concurrent-ruby (~> 1.0)
      json (~> 2.0)
      multi_json (~> 1.0)

PLATFORMS
  ruby

DEPENDENCIES
  curb
  em-http-request
  ethon
  excon
  faraday
  httparty
  httpclient
  httpi
  nestful
  patron
  puma
  rest-client
  sinatra
  wrest

BUNDLED WITH
   1.15.3
